GIT
  remote: git://github.com/seyhunak/twitter-bootstrap-rails.git
  revision: 79dc10c396723b7a6e5824119d50fe912b58d152
  specs:
    twitter-bootstrap-rails (2.0.6)
      actionpack (>= 3.1)
      less-rails (~> 2.2.0)
      railties (>= 3.1)

GEM
  remote: https://rubygems.org/
  specs:
    actionmailer (3.2.3)
      actionpack (= 3.2.3)
      mail (~> 2.4.4)
    actionpack (3.2.3)
      activemodel (= 3.2.3)
      activesupport (= 3.2.3)
      builder (~> 3.0.0)
      erubis (~> 2.7.0)
      journey (~> 1.0.1)
      rack (~> 1.4.0)
      rack-cache (~> 1.2)
      rack-test (~> 0.6.1)
      sprockets (~> 2.1.2)
    activemodel (3.2.3)
      activesupport (= 3.2.3)
      builder (~> 3.0.0)
    activerecord (3.2.3)
      activemodel (= 3.2.3)
      activesupport (= 3.2.3)
      arel (~> 3.0.2)
      tzinfo (~> 0.3.29)
    activeresource (3.2.3)
      activemodel (= 3.2.3)
      activesupport (= 3.2.3)
    activesupport (3.2.3)
      i18n (~> 0.6)
      multi_json (~> 1.0)
    addressable (2.2.7)
    arel (3.0.2)
    autoparse (0.2.3)
      addressable (~> 2.2.2)
      extlib (>= 0.9.15)
      json (>= 1.4.6)
    builder (3.0.0)
    cancan (1.6.7)
    coffee-rails (3.2.2)
      coffee-script (>= 2.2.0)
      railties (~> 3.2.0)
    coffee-script (2.2.0)
      coffee-script-source
      execjs
    coffee-script-source (1.3.1)
    commonjs (0.2.6)
    erubis (2.7.0)
    execjs (1.3.1)
      multi_json (~> 1.0)
    extlib (0.9.15)
    faraday (0.8.0)
      multipart-post (~> 1.1)
    github (0.7.2)
      highline (~> 1.6)
      json_pure (~> 1.5.1)
      launchy (~> 2.0.2)
      text-format (= 1.0.0)
      text-hyphen (= 1.0.0)
    google-api-client (0.3.0)
      addressable (~> 2.2.2)
      autoparse (~> 0.2.0)
      extlib (>= 0.9.15)
      httpadapter (~> 1.0.1)
      json (>= 1.4.6)
      launchy (>= 2.0.0)
      signet (~> 0.2.2)
    hashie (1.2.0)
    highline (1.6.11)
    hike (1.2.1)
    httpadapter (1.0.1)
      addressable (~> 2.2.0)
    httparty (0.8.3)
      multi_json (~> 1.0)
      multi_xml
    httpauth (0.1)
    i18n (0.6.0)
    journey (1.0.3)
    jquery-rails (2.0.2)
      railties (>= 3.2.0, < 5.0)
      thor (~> 0.14)
    json (1.6.6)
    json_pure (1.5.4)
      spruz (~> 0.2.8)
    jwt (0.1.4)
      json (>= 1.2.4)
    launchy (2.0.5)
      addressable (~> 2.2.6)
    less (2.2.1)
      commonjs (~> 0.2.6)
    less-rails (2.2.2)
      actionpack (>= 3.1)
      less (~> 2.2.0)
    libv8 (3.3.10.4)
    mail (2.4.4)
      i18n (>= 0.4.0)
      mime-types (~> 1.16)
      treetop (~> 1.4.8)
    mime-types (1.18)
    multi_json (1.3.2)
    multi_xml (0.4.4)
    multipart-post (1.1.5)
    oauth2 (0.6.1)
      faraday (~> 0.7)
      httpauth (~> 0.1)
      multi_json (~> 1.3)
    omniauth (1.1.0)
      hashie (~> 1.2)
      rack
    omniauth-github (1.0.1)
      omniauth (~> 1.0)
      omniauth-oauth2 (~> 1.0)
    omniauth-google-oauth2 (0.1.9)
      omniauth (~> 1.0)
      omniauth-oauth2
    omniauth-oauth2 (1.0.1)
      oauth2 (~> 0.6.0)
      omniauth (~> 1.0)
    pg (0.13.2)
    polyglot (0.3.3)
    rack (1.4.1)
    rack-cache (1.2)
      rack (>= 0.4)
    rack-ssl (1.3.2)
      rack
    rack-test (0.6.1)
      rack (>= 1.0)
    rails (3.2.3)
      actionmailer (= 3.2.3)
      actionpack (= 3.2.3)
      activerecord (= 3.2.3)
      activeresource (= 3.2.3)
      activesupport (= 3.2.3)
      bundler (~> 1.0)
      railties (= 3.2.3)
    railties (3.2.3)
      actionpack (= 3.2.3)
      activesupport (= 3.2.3)
      rack-ssl (~> 1.3.2)
      rake (>= 0.8.7)
      rdoc (~> 3.4)
      thor (~> 0.14.6)
    rake (0.9.2.2)
    rdoc (3.12)
      json (~> 1.4)
    sass (3.1.16)
    sass-rails (3.2.5)
      railties (~> 3.2.0)
      sass (>= 3.1.10)
      tilt (~> 1.3)
    signet (0.2.4)
      addressable (~> 2.2.1)
      httpadapter (~> 1.0.0)
      json (>= 1.4.6)
      jwt (>= 0.1.4)
    sprockets (2.1.3)
      hike (~> 1.2)
      rack (~> 1.0)
      tilt (~> 1.1, != 1.3.0)
    spruz (0.2.13)
    text-format (1.0.0)
      text-hyphen (~> 1.0.0)
    text-hyphen (1.0.0)
    therubyracer (0.10.1)
      libv8 (~> 3.3.10)
    thor (0.14.6)
    tickspot-rb (0.1.0)
      hashie
      httparty
    tilt (1.3.3)
    treetop (1.4.10)
      polyglot
      polyglot (>= 0.3.1)
    tzinfo (0.3.33)
    uglifier (1.2.4)
      execjs (>= 0.3.0)
      multi_json (>= 1.0.2)

PLATFORMS
  ruby

DEPENDENCIES
  cancan
  coffee-rails (~> 3.2.1)
  github
  google-api-client
  jquery-rails
  omniauth
  omniauth-github
  omniauth-google-oauth2
  pg
  rails (= 3.2.3)
  sass-rails (~> 3.2.3)
  therubyracer
  tickspot-rb
  twitter-bootstrap-rails!
  uglifier (>= 1.0.3)
